GEM
  remote: https://rubygems.org/
  specs:
    erubis (2.7.0)
    minitest (5.6.1)
    pg (0.18.1)
    rack (1.6.1)
    rack-protection (1.5.3)
      rack
    redis (3.2.1)
    sinatra (1.4.6)
      rack (~> 1.4)
      rack-protection (~> 1.4)
      tilt (>= 1.3, < 3)
    tilt (2.0.1)

PLATFORMS
  ruby

DEPENDENCIES
  erubis
  minitest
  pg
  redis
  sinatra
  tilt
